PATH
  remote: .
  specs:
    xmpp4r (0.5.7)

GEM
  remote: https://rubygems.org/
  specs:
    rake (10.3.2)
    rdoc (6.3.1)

PLATFORMS
  ruby

DEPENDENCIES
  rake (>= 10.0)
  rdoc (~> 6.3)
  xmpp4r!
